PATH
  remote: .
  specs:
    ipcalc (1.0.0)

GEM
  remote: http://rubygems.org/
  specs:
    power_assert (0.2.4)
    test-unit (3.1.4)
      power_assert

PLATFORMS
  ruby

DEPENDENCIES
  ipcalc!
  test-unit

BUNDLED WITH
   1.10.6
